GEM
  remote: http://rubygems.org/
  specs:
    actionmailer (3.1.0)
      actionpack (= 3.1.0)
      mail (~> 2.3.0)
    actionpack (3.1.0)
      activemodel (= 3.1.0)
      activesupport (= 3.1.0)
      builder (~> 3.0.0)
      erubis (~> 2.7.0)
      i18n (~> 0.6)
      rack (~> 1.3.2)
      rack-cache (~> 1.0.3)
      rack-mount (~> 0.8.2)
      rack-test (~> 0.6.1)
      sprockets (~> 2.0.0)
    activemodel (3.1.0)
      activesupport (= 3.1.0)
      bcrypt-ruby (~> 3.0.0)
      builder (~> 3.0.0)
      i18n (~> 0.6)
    activerecord (3.1.0)
      activemodel (= 3.1.0)
      activesupport (= 3.1.0)
      arel (~> 2.2.1)
      tzinfo (~> 0.3.29)
    activerecord-jdbc-adapter (1.2.1)
    activerecord-jdbcmysql-adapter (1.2.1)
      activerecord-jdbc-adapter (~> 1.2.1)
      jdbc-mysql (~> 5.1.0)
    activeresource (3.1.0)
      activemodel (= 3.1.0)
      activesupport (= 3.1.0)
    activesupport (3.1.0)
      multi_json (~> 1.0)
    arel (2.2.1)
    bcrypt-ruby (3.0.1-java)
    bouncy-castle-java (1.5.0146.1)
    builder (3.0.0)
    columnize (0.3.4)
    crack (0.1.1)
    erubis (2.7.0)
    eventmachine (0.12.10-java)
    fastercsv (1.5.3)
    hike (1.2.1)
    hpricot (0.8.2-java)
    i18n (0.6.0)
    jdbc-mysql (5.1.13)
    jruby-jars (1.5.6)
    jruby-memcache-client (1.7.0)
    jruby-openssl (0.7.3)
      bouncy-castle-java
    jruby-rack (1.0.9)
    json (1.6.4-java)
    mail (2.3.0)
      i18n (>= 0.4.0)
      mime-types (~> 1.16)
      treetop (~> 1.4.8)
    memcache-client (1.8.5)
    mime-types (1.16)
    multi_json (1.0.3)
    net-ldap (0.2.2)
    newrelic_rpm (3.1.1)
    nokogiri (1.5.2-java)
    polyglot (0.3.3)
    prototype-rails (3.1.0)
      rails (~> 3.1)
    rack (1.3.5)
    rack-cache (1.0.3)
      rack (>= 0.4)
    rack-mount (0.8.3)
      rack (>= 1.0.0)
    rack-ssl (1.3.2)
      rack
    rack-test (0.6.1)
      rack (>= 1.0)
    rails (3.1.0)
      actionmailer (= 3.1.0)
      actionpack (= 3.1.0)
      activerecord (= 3.1.0)
      activeresource (= 3.1.0)
      activesupport (= 3.1.0)
      bundler (~> 1.0)
      railties (= 3.1.0)
    railties (3.1.0)
      actionpack (= 3.1.0)
      activesupport (= 3.1.0)
      rack-ssl (~> 1.3.2)
      rake (>= 0.8.7)
      rdoc (~> 3.4)
      thor (~> 0.14.6)
    rake (0.9.2.2)
    rdoc (3.11)
      json (~> 1.4)
    rmagick4j (0.3.7)
    ruby-debug (0.10.4)
      columnize (>= 0.1)
      ruby-debug-base (~> 0.10.4.0)
    ruby-debug-base (0.10.4-java)
    rubyzip (0.9.5)
    sprockets (2.0.3)
      hike (~> 1.2)
      rack (~> 1.0)
      tilt (~> 1.1, != 1.3.0)
    starling (0.10.1)
      eventmachine (>= 0.12.0)
      memcache-client (>= 1.7.0)
    thor (0.14.6)
    tilt (1.3.3)
    treetop (1.4.10)
      polyglot
      polyglot (>= 0.3.1)
    tzinfo (0.3.31)
    warbler (1.3.0)
      jruby-jars (>= 1.4.0)
      jruby-rack (>= 1.0.0)
      rake (>= 0.8.7)
      rubyzip (>= 0.9.4)
    xml-simple (1.0.12)

PLATFORMS
  java

DEPENDENCIES
  actionmailer (= 3.1.0)
  actionpack (= 3.1.0)
  activerecord (= 3.1.0)
  activerecord-jdbc-adapter (= 1.2.1)
  activerecord-jdbcmysql-adapter (= 1.2.1)
  activeresource (= 3.1.0)
  activesupport (= 3.1)
  bcrypt-ruby (= 3.0.1)
  builder (= 3.0.0)
  crack (= 0.1.1)
  fastercsv (= 1.5.3)
  hike (= 1.2.1)
  hpricot (= 0.8.2)
  i18n (= 0.6.0)
  jdbc-mysql (= 5.1.13)
  jruby-jars (= 1.5.6)
  jruby-memcache-client (= 1.7.0)
  jruby-openssl (= 0.7.3)
  jruby-rack (= 1.0.9)
  mime-types (= 1.16)
  multi_json (= 1.0.3)
  net-ldap (= 0.2.2)
  newrelic_rpm (= 3.1.1)
  nokogiri
  prototype-rails (= 3.1.0)
  rack (= 1.3.5)
  rack-cache (= 1.0.3)
  rack-mount (= 0.8.3)
  rack-ssl (= 1.3.2)
  rack-test (= 0.6.1)
  rails (= 3.1.0)
  railties (= 3.1.0)
  rdoc (= 3.11)
  rmagick4j (= 0.3.7)
  ruby-debug (= 0.10.4)
  ruby-debug-base (= 0.10.4)
  sprockets (= 2.0.3)
  starling (= 0.10.1)
  warbler (= 1.3.0)
  xml-simple (= 1.0.12)
